GEM
  remote: https://rubygems.org/
  specs:
    clipboard (1.1.0)
    rake (0.9.6)
    rr (1.1.2)
    test-unit (2.0.0.0)

PLATFORMS
  ruby

DEPENDENCIES
  clipboard
  rake
  rr
  test-unit

BUNDLED WITH
   1.12.5
