GEM
  remote: https://rubygems.org/
  specs:
    clipboard (1.1.0)
    power_assert (0.3.0)
    rake (11.2.2)
    rr (1.2.0)
    test-unit (3.2.0)
      power_assert
    test-unit-rr (1.0.5)
      rr (>= 1.1.1)
      test-unit (>= 2.5.2)

PLATFORMS
  ruby

DEPENDENCIES
  clipboard
  rake
  test-unit
  test-unit-rr

BUNDLED WITH
   1.12.5
